GEM
  remote: https://rubygems.org/
  specs:
    cairo (1.17.5)
      native-package-installer (>= 1.0.3)
      pkg-config (>= 1.2.2)
      red-colors
    cairo-gobject (3.4.9)
      cairo (>= 1.16.2)
      glib2 (= 3.4.9)
    classy_hash (1.0.0)
    coderay (1.1.2)
    ffi (1.9.25)
    ffi (1.9.25-x64-mingw32)
    formatador (0.2.5)
    game_icons (0.42.0.20180731)
    gdk_pixbuf2 (3.4.9)
      gio2 (= 3.4.9)
    gio2 (3.4.9)
      gobject-introspection (= 3.4.9)
    glib2 (3.4.9)
      native-package-installer (>= 1.0.3)
      pkg-config (>= 1.3.5)
    gobject-introspection (3.4.9)
      glib2 (= 3.4.9)
    guard (2.14.2)
      formatador (>= 0.2.4)
      listen (>= 2.7, < 4.0)
      lumberjack (>= 1.0.12, < 2.0)
      nenv (~> 0.1)
      notiffany (~> 0.0)
      pry (>= 0.9.12)
      shellany (~> 0.0)
      thor (>= 0.18.1)
    guard-rake (1.0.0)
      guard
      rake
    highline (2.0.3)
    kramdown (1.17.0)
    listen (3.1.5)
      rb-fsevent (~> 0.9, >= 0.9.4)
      rb-inotify (~> 0.9, >= 0.9.7)
      ruby_dep (~> 1.2)
    lumberjack (1.0.13)
    matrix (0.4.2)
    mercenary (0.4.0)
    method_source (0.9.0)
    mini_portile2 (2.6.1)
    native-package-installer (1.1.1)
    nenv (0.3.0)
    nokogiri (1.12.5)
      mini_portile2 (~> 2.6.1)
      racc (~> 1.4)
    nokogiri (1.12.5-x64-mingw32)
      racc (~> 1.4)
    notiffany (0.1.1)
      nenv (~> 0.1)
      shellany (~> 0.0)
    pango (3.4.9)
      cairo-gobject (= 3.4.9)
      gobject-introspection (= 3.4.9)
    pkg-config (1.4.6)
    pry (0.11.3)
      coderay (~> 1.1.0)
      method_source (~> 0.9.0)
    racc (1.5.2)
    rainbow (3.0.0)
    rake (12.3.1)
    rb-fsevent (0.10.3)
    rb-inotify (0.9.10)
      ffi (>= 0.5.0, < 2)
    red-colors (0.3.0)
      matrix
    roo (2.8.3)
      nokogiri (~> 1)
      rubyzip (>= 1.3.0, < 3.0.0)
    rsvg2 (3.4.9)
      cairo-gobject (= 3.4.9)
      gdk_pixbuf2 (= 3.4.9)
    ruby-progressbar (1.11.0)
    ruby_dep (1.5.0)
    rubyzip (2.3.2)
    shellany (0.0.1)
    squib (0.17.2)
      cairo (~> 1.17)
      classy_hash (= 1.0.0)
      gio2 (~> 3.4)
      gobject-introspection (~> 3.4)
      highline (= 2.0.3)
      mercenary (= 0.4.0)
      nokogiri (~> 1.11)
      pango (~> 3.4)
      rainbow (~> 3.0)
      roo (~> 2.8)
      rsvg2 (~> 3.4)
      ruby-progressbar (~> 1.11)
    thor (0.20.0)
    wdm (0.1.1)

PLATFORMS
  ruby
  x64-mingw32

DEPENDENCIES
  game_icons
  guard
  guard-rake
  kramdown
  nokogiri
  squib
  wdm

BUNDLED WITH
   1.16.2
