GEM
  remote: https://rubygems.org/
  specs:
    cairo (1.14.1)
      pkg-config (>= 1.1.5)
    cairo (1.14.1-x86-mingw32)
      pkg-config (>= 1.1.5)
    coderay (1.1.0)
    ffi (1.9.10)
    ffi (1.9.10-x86-mingw32)
    formatador (0.2.5)
    game_icons (0.7.0.20150615)
    gdk_pixbuf2 (2.2.5)
      glib2 (= 2.2.5)
    gdk_pixbuf2 (2.2.5-x86-mingw32)
      glib2 (= 2.2.5)
    glib2 (2.2.5)
      pkg-config
    glib2 (2.2.5-x86-mingw32)
      cairo (>= 1.12.8)
      pkg-config
    guard (2.13.0)
      formatador (>= 0.2.4)
      listen (>= 2.7, <= 4.0)
      lumberjack (~> 1.0)
      nenv (~> 0.1)
      notiffany (~> 0.0)
      pry (>= 0.9.12)
      shellany (~> 0.0)
      thor (>= 0.18.1)
    guard-rake (1.0.0)
      guard
      rake
    listen (3.0.3)
      rb-fsevent (>= 0.9.3)
      rb-inotify (>= 0.9)
    lumberjack (1.0.9)
    mercenary (0.3.5)
    method_source (0.8.2)
    mini_portile (0.6.2)
    nenv (0.2.0)
    nokogiri (1.6.6.2)
      mini_portile (~> 0.6.0)
    nokogiri (1.6.6.2-x86-mingw32)
      mini_portile (~> 0.6.0)
    notiffany (0.0.7)
      nenv (~> 0.1)
      shellany (~> 0.0)
    pango (2.2.5)
      cairo (>= 1.14.0)
      glib2 (= 2.2.5)
    pango (2.2.5-x86-mingw32)
      cairo (>= 1.14.0)
      glib2 (= 2.2.5)
    pkg-config (1.1.6)
    pry (0.10.1)
      coderay (~> 1.1.0)
      method_source (~> 0.8.1)
      slop (~> 3.4)
    pry (0.10.1-x86-mingw32)
      coderay (~> 1.1.0)
      method_source (~> 0.8.1)
      slop (~> 3.4)
      win32console (~> 1.3)
    rake (10.4.2)
    rb-fsevent (0.9.5)
    rb-inotify (0.9.5)
      ffi (>= 0.5.0)
    roo (2.0.1)
      nokogiri (~> 1)
      rubyzip (~> 1.1, < 2.0.0)
    rsvg2 (2.2.5)
      cairo (>= 1.12.8)
      gdk_pixbuf2 (= 2.2.5)
    rsvg2 (2.2.5-x86-mingw32)
      cairo (>= 1.12.8)
      gdk_pixbuf2 (= 2.2.5)
    ruby-progressbar (1.7.5)
    rubyzip (1.1.7)
    shellany (0.0.1)
    slop (3.6.0)
    squib (0.6.0)
      cairo (~> 1.14.0)
      mercenary (~> 0.3.4)
      pango (~> 2.2.0)
      roo (~> 2.0.0)
      rsvg2 (~> 2.2.0)
      ruby-progressbar (~> 1.6)
    thor (0.19.1)
    wdm (0.1.0)
    win32console (1.3.2-x86-mingw32)

PLATFORMS
  ruby
  x86-mingw32

DEPENDENCIES
  game_icons
  guard
  guard-rake
  squib
  wdm (>= 0.1.0)
  win32console
