GEM
  remote: https://rubygems.org/
  specs:
    cairo (1.15.13)
      native-package-installer (>= 1.0.3)
      pkg-config (>= 1.2.2)
    cairo (1.15.13-x64-mingw32)
      native-package-installer (>= 1.0.3)
      pkg-config (>= 1.2.2)
    cairo-gobject (3.2.7)
      cairo
      glib2 (= 3.2.7)
    cairo-gobject (3.2.7-x64-mingw32)
      cairo
      glib2 (= 3.2.7)
    classy_hash (0.2.1)
    coderay (1.1.2)
    ffi (1.9.25)
    ffi (1.9.25-x64-mingw32)
    formatador (0.2.5)
    game_icons (0.42.0.20180731)
    gdk_pixbuf2 (3.2.7)
      gio2 (= 3.2.7)
    gdk_pixbuf2 (3.2.7-x64-mingw32)
      gio2 (= 3.2.7)
    gio2 (3.2.7)
      glib2 (= 3.2.7)
      gobject-introspection (= 3.2.7)
    gio2 (3.2.7-x64-mingw32)
      glib2 (= 3.2.7)
      gobject-introspection (= 3.2.7)
    glib2 (3.2.7)
      native-package-installer (>= 1.0.3)
      pkg-config (>= 1.2.2)
    glib2 (3.2.7-x64-mingw32)
      cairo (>= 1.15.9)
      native-package-installer (>= 1.0.3)
      pkg-config (>= 1.2.2)
    gobject-introspection (3.2.7)
      glib2 (= 3.2.7)
    gobject-introspection (3.2.7-x64-mingw32)
      glib2 (= 3.2.7)
    guard (2.14.2)
      formatador (>= 0.2.4)
      listen (>= 2.7, < 4.0)
      lumberjack (>= 1.0.12, < 2.0)
      nenv (~> 0.1)
      notiffany (~> 0.0)
      pry (>= 0.9.12)
      shellany (~> 0.0)
      thor (>= 0.18.1)
    guard-rake (1.0.0)
      guard
      rake
    highline (1.7.10)
    kramdown (2.3.0)
      rexml
    listen (3.1.5)
      rb-fsevent (~> 0.9, >= 0.9.4)
      rb-inotify (~> 0.9, >= 0.9.7)
      ruby_dep (~> 1.2)
    lumberjack (1.0.13)
    mercenary (0.3.6)
    method_source (0.9.0)
    mini_portile2 (2.3.0)
    native-package-installer (1.0.6)
    nenv (0.3.0)
    nokogiri (1.8.4)
      mini_portile2 (~> 2.3.0)
    nokogiri (1.8.4-x64-mingw32)
      mini_portile2 (~> 2.3.0)
    notiffany (0.1.1)
      nenv (~> 0.1)
      shellany (~> 0.0)
    pango (3.2.7)
      cairo-gobject (= 3.2.7)
      gobject-introspection (= 3.2.7)
    pango (3.2.7-x64-mingw32)
      cairo-gobject (= 3.2.7)
      gobject-introspection (= 3.2.7)
    pkg-config (1.3.1)
    pry (0.11.3)
      coderay (~> 1.1.0)
      method_source (~> 0.9.0)
    rake (12.3.1)
    rb-fsevent (0.10.3)
    rb-inotify (0.9.10)
      ffi (>= 0.5.0, < 2)
    rexml (3.2.4)
    roo (2.7.1)
      nokogiri (~> 1)
      rubyzip (~> 1.1, < 2.0.0)
    rsvg2 (3.2.7)
      cairo (>= 1.12.8)
      cairo-gobject (= 3.2.7)
      gdk_pixbuf2 (= 3.2.7)
    rsvg2 (3.2.7-x64-mingw32)
      cairo (>= 1.12.8)
      cairo-gobject (= 3.2.7)
      gdk_pixbuf2 (= 3.2.7)
      pango (>= 3.2.7)
    ruby-progressbar (1.9.0)
    ruby_dep (1.5.0)
    rubyzip (1.2.1)
    shellany (0.0.1)
    squib (0.14.2)
      cairo (= 1.15.13)
      classy_hash (= 0.2.1)
      gio2 (= 3.2.7)
      gobject-introspection (= 3.2.7)
      highline (= 1.7.10)
      mercenary (= 0.3.6)
      nokogiri (= 1.8.4)
      pango (= 3.2.7)
      roo (= 2.7.1)
      rsvg2 (= 3.2.7)
      ruby-progressbar (= 1.9.0)
    thor (0.20.0)
    wdm (0.1.1)

PLATFORMS
  ruby
  x64-mingw32

DEPENDENCIES
  game_icons
  guard
  guard-rake
  kramdown
  nokogiri
  squib
  wdm

BUNDLED WITH
   1.16.2
