GIT
  remote: git://github.com/andymeneely/squib
  revision: c704c8f6b87c055ad829872713259c31a2b97505
  branch: dev
  specs:
    squib (0.9.0b)
      cairo (~> 1.14.3)
      mercenary (~> 0.3.4)
      nokogiri (~> 1.6.7)
      pango (~> 3.0.1)
      roo (~> 2.3.0)
      rsvg2 (~> 3.0.0)
      ruby-progressbar (~> 1.6)

GEM
  remote: https://rubygems.org/
  specs:
    cairo (1.14.3)
      pkg-config (>= 1.1.5)
    cairo (1.14.3-x86-mingw32)
      pkg-config (>= 1.1.5)
    coderay (1.1.0)
    ffi (1.9.10)
    ffi (1.9.10-x86-mingw32)
    formatador (0.2.5)
    game_icons (0.25.1.20151202)
    gdk_pixbuf2 (3.0.7)
      glib2 (= 3.0.7)
    gdk_pixbuf2 (3.0.7-x86-mingw32)
      glib2 (= 3.0.7)
    glib2 (3.0.7)
      pkg-config
    glib2 (3.0.7-x86-mingw32)
      cairo (>= 1.12.8)
      pkg-config
    guard (2.13.0)
      formatador (>= 0.2.4)
      listen (>= 2.7, <= 4.0)
      lumberjack (~> 1.0)
      nenv (~> 0.1)
      notiffany (~> 0.0)
      pry (>= 0.9.12)
      shellany (~> 0.0)
      thor (>= 0.18.1)
    guard-rake (1.0.0)
      guard
      rake
    listen (3.0.5)
      rb-fsevent (>= 0.9.3)
      rb-inotify (>= 0.9)
    lumberjack (1.0.9)
    mercenary (0.3.5)
    method_source (0.8.2)
    mini_portile2 (2.0.0)
    nenv (0.2.0)
    nokogiri (1.6.7.1)
      mini_portile2 (~> 2.0.0.rc2)
    nokogiri (1.6.7.1-x86-mingw32)
      mini_portile2 (~> 2.0.0.rc2)
    notiffany (0.0.8)
      nenv (~> 0.1)
      shellany (~> 0.0)
    pango (3.0.7)
      cairo (>= 1.14.0)
      glib2 (= 3.0.7)
    pango (3.0.7-x86-mingw32)
      cairo (>= 1.14.0)
      glib2 (= 3.0.7)
    pkg-config (1.1.6)
    pry (0.10.3)
      coderay (~> 1.1.0)
      method_source (~> 0.8.1)
      slop (~> 3.4)
    rake (10.4.2)
    rb-fsevent (0.9.6)
    rb-inotify (0.9.5)
      ffi (>= 0.5.0)
    roo (2.3.0)
      nokogiri (~> 1)
      rubyzip (~> 1.1, < 2.0.0)
    rsvg2 (3.0.7)
      cairo (>= 1.12.8)
      gdk_pixbuf2 (= 3.0.7)
    rsvg2 (3.0.7-x86-mingw32)
      cairo (>= 1.12.8)
      gdk_pixbuf2 (= 3.0.7)
      pango (>= 3.0.7)
    ruby-progressbar (1.7.5)
    rubyzip (1.1.7)
    shellany (0.0.1)
    slop (3.6.0)
    thor (0.19.1)
    wdm (0.1.1)
    win32console (1.3.2)
    win32console (1.3.2-x86-mingw32)

PLATFORMS
  ruby
  x86-mingw32

DEPENDENCIES
  game_icons
  guard
  guard-rake
  nokogiri
  squib!
  wdm
  win32console

BUNDLED WITH
   1.10.6
