GEM
  remote: https://rubygems.org/
  specs:
    cairo (1.14.1-x86-mingw32)
      pkg-config (>= 1.1.5)
    game_icons (0.7.0.20150615)
    gdk_pixbuf2 (2.2.5-x86-mingw32)
      glib2 (= 2.2.5)
    glib2 (2.2.5-x86-mingw32)
      cairo (>= 1.12.8)
      pkg-config
    mercenary (0.3.5)
    mini_portile (0.6.2)
    nokogiri (1.6.6.2-x86-mingw32)
      mini_portile (~> 0.6.0)
    pango (2.2.5-x86-mingw32)
      cairo (>= 1.14.0)
      glib2 (= 2.2.5)
    pkg-config (1.1.6)
    roo (2.0.1)
      nokogiri (~> 1)
      rubyzip (~> 1.1, < 2.0.0)
    rsvg2 (2.2.5-x86-mingw32)
      cairo (>= 1.12.8)
      gdk_pixbuf2 (= 2.2.5)
    ruby-progressbar (1.7.5)
    rubyzip (1.1.7)
    squib (0.6.0)
      cairo (~> 1.14.0)
      mercenary (~> 0.3.4)
      pango (~> 2.2.0)
      roo (~> 2.0.0)
      rsvg2 (~> 2.2.0)
      ruby-progressbar (~> 1.6)

PLATFORMS
  x86-mingw32

DEPENDENCIES
  game_icons
  squib
